NUGET
  remote: https://www.nuget.org/api/v2
    Antlr4 (4.5.3)
      Antlr4.Runtime (>= 4.5.3)
    Antlr4.Runtime (4.5.3)
